PATH
  remote: .
  specs:
    duke_of_url (0.0.1)
      activesupport
      hashie (~> 2.0)
      postrank-uri

GEM
  remote: https://rubygems.org/
  remote: http://gems.idg.primedia.com/
  specs:
    activesupport (4.0.2)
      i18n (~> 0.6, >= 0.6.4)
      minitest (~> 4.2)
      multi_json (~> 1.3)
      thread_safe (~> 0.1)
      tzinfo (~> 0.3.37)
    addressable (2.3.5)
    atomic (1.1.14)
    awesome_print (1.2.0)
    bogus (0.1.4)
      dependor (>= 0.0.4)
    builder (3.2.2)
    cane (2.6.1)
      parallel
    celluloid (0.15.2)
      timers (~> 1.1.0)
    cheat (1.3.3)
      pager (~> 1.0)
    coderay (1.1.0)
    colorize (0.6.0)
    columnize (0.3.6)
    debugger (1.6.3)
      columnize (>= 0.3.1)
      debugger-linecache (~> 1.2.0)
      debugger-ruby_core_source (~> 1.2.4)
    debugger-linecache (1.2.0)
    debugger-ruby_core_source (1.2.4)
    dependor (1.0.1)
    diff-lcs (1.2.5)
    docile (1.1.1)
    factory_girl (4.3.0)
      activesupport (>= 3.0.0)
    faker (1.2.0)
      i18n (~> 0.5)
    ffi (1.9.3)
    formatador (0.2.4)
    geminabox (0.12.1)
      builder
      httpclient (>= 2.2.7)
      nesty
      sinatra (>= 1.2.7)
    grb (0.4.1)
    guard (2.2.4)
      formatador (>= 0.2.4)
      listen (~> 2.1)
      lumberjack (~> 1.0)
      pry (>= 0.9.12)
      thor (>= 0.18.1)
    guard-rspec (4.2.0)
      guard (>= 2.1.1)
      rspec (>= 2.14, < 4.0)
    hashie (2.0.5)
    httpclient (2.3.4.1)
    i18n (0.6.9)
    letters (0.4.1)
      activesupport
      awesome_print
      colorize
      xml-simple
    listen (2.4.0)
      celluloid (>= 0.15.2)
      rb-fsevent (>= 0.9.3)
      rb-inotify (>= 0.9)
    lumberjack (1.0.4)
    method_source (0.8.2)
    minitest (4.7.5)
    multi_json (1.8.2)
    nesty (1.0.2)
    nokogiri (1.5.10)
    pager (1.0.1)
    parallel (0.9.1)
    postrank-uri (1.0.17)
      addressable (~> 2.3.0)
      nokogiri (~> 1.5.5)
      public_suffix (~> 1.1.3)
    primedia (0.0.3)
      bundler (~> 1.3)
      geminabox
      rake
    pry (0.9.12.4)
      coderay (~> 1.0)
      method_source (~> 0.8)
      slop (~> 3.4)
    public_suffix (1.1.3)
    rack (1.5.2)
    rack-protection (1.5.1)
      rack
    rack-test (0.6.2)
      rack (>= 1.0)
    rake (10.1.0)
    rb-fsevent (0.9.3)
    rb-inotify (0.9.2)
      ffi (>= 0.5.0)
    rspec (2.14.1)
      rspec-core (~> 2.14.0)
      rspec-expectations (~> 2.14.0)
      rspec-mocks (~> 2.14.0)
    rspec-core (2.14.7)
    rspec-expectations (2.14.4)
      diff-lcs (>= 1.1.3, < 2.0)
    rspec-mocks (2.14.4)
    simplecov (0.8.2)
      docile (~> 1.1.0)
      multi_json
      simplecov-html (~> 0.8.0)
    simplecov-html (0.8.0)
    sinatra (1.4.4)
      rack (~> 1.4)
      rack-protection (~> 1.4)
      tilt (~> 1.3, >= 1.3.4)
    slop (3.4.7)
    thor (0.18.1)
    thread_safe (0.1.3)
      atomic
    tilt (1.4.1)
    timers (1.1.0)
    tzinfo (0.3.38)
    vcr (2.8.0)
    xml-simple (1.1.2)

PLATFORMS
  ruby

DEPENDENCIES
  bogus
  cane
  cheat
  debugger
  duke_of_url!
  factory_girl
  faker
  grb
  guard-rspec
  letters
  primedia
  rack-test
  rake
  rspec
  simplecov
  sinatra
  vcr
